GIT
  remote: git://github.com/nathanstitt/ruhoh.rb.git
  revision: 1f481fcec1aaf75de566289ad834f84fef7e0ded
  specs:
    ruhoh (2.6)
      directory_watcher (~> 1.4.0)
      mustache (~> 0.99)
      nokogiri (~> 1.5)
      rack (~> 1.4)
      redcarpet (~> 2.1)

GEM
  remote: http://rubygems.org/
  specs:
    closure-compiler (1.1.10)
    coffee-script (2.2.0)
      coffee-script-source
      execjs
    coffee-script-source (1.7.0)
    directory_watcher (1.4.1)
    execjs (2.0.2)
    hike (1.2.3)
    mini_portile (0.5.2)
    multi_json (1.8.1)
    mustache (0.99.5)
    nokogiri (1.6.1)
      mini_portile (~> 0.5.0)
    rack (1.5.2)
    redcarpet (2.3.0)
    sass (3.2.12)
    sprockets (2.10.0)
      hike (~> 1.2)
      multi_json (~> 1.0)
      rack (~> 1.0)
      tilt (~> 1.1, != 1.3.0)
    tilt (1.4.1)
    yui-compressor (0.12.0)

PLATFORMS
  ruby

DEPENDENCIES
  closure-compiler
  coffee-script
  ruhoh!
  sass
  sprockets (~> 2.8)
  yui-compressor
